GEM
  remote: https://rubygems.org/
  specs:
    activemodel (4.2.0)
      activesupport (= 4.2.0)
      builder (~> 3.1)
    activesupport (4.2.0)
      i18n (~> 0.7)
      json (~> 1.7, >= 1.7.7)
      minitest (~> 5.1)
      thread_safe (~> 0.3, >= 0.3.4)
      tzinfo (~> 1.1)
    aws-sdk (1.63.0)
      aws-sdk-v1 (= 1.63.0)
    aws-sdk-v1 (1.63.0)
      json (~> 1.4)
      nokogiri (>= 1.4.4)
    axiom-types (0.1.1)
      descendants_tracker (~> 0.0.4)
      ice_nine (~> 0.11.0)
      thread_safe (~> 0.3, >= 0.3.1)
    builder (3.2.2)
    coderay (1.1.0)
    coercible (1.0.0)
      descendants_tracker (~> 0.0.1)
    daemons (1.2.1)
    descendants_tracker (0.0.4)
      thread_safe (~> 0.3, >= 0.3.1)
    equalizer (0.0.9)
    eventmachine (1.0.7)
    haml (4.0.6)
      tilt
    i18n (0.7.0)
    ice_nine (0.11.1)
    json (1.8.2)
    method_source (0.8.2)
    mini_portile (0.6.2)
    minitest (5.5.1)
    nokogiri (1.6.6.2)
      mini_portile (~> 0.6.0)
    pry (0.10.1)
      coderay (~> 1.1.0)
      method_source (~> 0.8.1)
      slop (~> 3.4)
    rack (1.6.0)
    rack-protection (1.5.3)
      rack
    shotgun (0.9.1)
      rack (>= 1.0)
    sinatra (1.4.5)
      rack (~> 1.4)
      rack-protection (~> 1.4)
      tilt (~> 1.3, >= 1.3.4)
    sinatra_more (0.3.43)
      activesupport
      bundler (>= 0.9.2)
      sinatra (>= 0.9.2)
      thor (>= 0.11.8)
      tilt (>= 0.2)
    slop (3.6.0)
    thin (1.6.3)
      daemons (~> 1.0, >= 1.0.9)
      eventmachine (~> 1.0)
      rack (~> 1.0)
    thor (0.19.1)
    thread_safe (0.3.5)
    tilt (1.4.1)
    tzinfo (1.2.2)
      thread_safe (~> 0.1)
    virtus (1.0.4)
      axiom-types (~> 0.1)
      coercible (~> 1.0)
      descendants_tracker (~> 0.0, >= 0.0.3)
      equalizer (~> 0.0, >= 0.0.9)

PLATFORMS
  ruby

DEPENDENCIES
  activemodel
  aws-sdk (~> 1.63)
  haml
  pry
  shotgun
  sinatra
  sinatra_more
  thin
  virtus
